GEM
  remote: https://rubygems.org/
  specs:
    rack (2.1.4)
    sequel (5.24.0)
    sqlite3 (1.4.1)

PLATFORMS
  ruby

DEPENDENCIES
  rack (~> 2)
  sequel (~> 5)
  sqlite3 (~> 1.4)

BUNDLED WITH
   1.17.2
