GEM
  remote: https://rubygems.org/
  specs:
    dotenv (2.7.5)
    rack (2.1.4)
    rack-test (1.1.0)
      rack (>= 1.0, < 3)
    rake (12.3.3)
    sequel (5.24.0)
    shotgun (0.9.2)
      rack (>= 1.0)
    sqlite3 (1.4.1)

PLATFORMS
  ruby

DEPENDENCIES
  dotenv
  rack
  rack-test
  rake
  sequel
  shotgun
  sqlite3

BUNDLED WITH
   1.17.2
